GEM
  remote: https://rubygems.org/
  specs:
    rgen (0.9.0)

PLATFORMS
  ruby

DEPENDENCIES
  rgen

BUNDLED WITH
   2.1.4
